GIT
  remote: git://github.com/FooFoBerry/foofoberry.git
  revision: 189450079e9e2d3fc461eca0f36b407301a6f9b0
  specs:
    foofoberry (0.1.1)
      faraday
      json

GEM
  remote: https://rubygems.org/
  specs:
    faraday (0.9.0)
      multipart-post (>= 1.2, < 3)
    httpclient (2.3.4.1)
    json (1.8.1)
    multi_json (1.8.4)
    multipart-post (2.0.0)
    pusher (0.12.0)
      httpclient (~> 2.3.0)
      multi_json (~> 1.0)
      signature (~> 0.1.6)
    signature (0.1.7)

PLATFORMS
  ruby

DEPENDENCIES
  faraday
  foofoberry!
  json
  pusher
